PATH
  remote: .
  specs:
    cisco-mse-client (0.0.1)

PATH
  remote: ../saddle
  specs:
    saddle (0.0.49)
      activesupport (>= 3.0)
      faraday (~> 0.8.7)
      faraday_middleware (~> 0.9.0)

GEM
  remote: https://rubygems.org/
  specs:
    activesupport (4.0.2)
      i18n (~> 0.6, >= 0.6.4)
      minitest (~> 4.2)
      multi_json (~> 1.3)
      thread_safe (~> 0.1)
      tzinfo (~> 0.3.37)
    atomic (1.1.14)
    coderay (1.0.9)
    diff-lcs (1.2.4)
    faraday (0.8.8)
      multipart-post (~> 1.2.0)
    faraday_middleware (0.9.0)
      faraday (>= 0.7.4, < 0.9)
    i18n (0.6.9)
    method_source (0.8.2)
    minitest (4.7.5)
    multi_json (1.8.2)
    multipart-post (1.2.0)
    pry (0.9.12.2)
      coderay (~> 1.0.5)
      method_source (~> 0.8)
      slop (~> 3.4)
    rspec (2.14.1)
      rspec-core (~> 2.14.0)
      rspec-expectations (~> 2.14.0)
      rspec-mocks (~> 2.14.0)
    rspec-core (2.14.4)
    rspec-expectations (2.14.1)
      diff-lcs (>= 1.1.3, < 2.0)
    rspec-instafail (0.2.4)
    rspec-mocks (2.14.3)
    slop (3.4.6)
    thread_safe (0.1.3)
      atomic
    tzinfo (0.3.38)

PLATFORMS
  ruby

DEPENDENCIES
  cisco-mse-client!
  pry
  rspec (~> 2.14.1)
  rspec-instafail (~> 0.2)
  saddle!
